BrainVision Data Exchange Header File Version 1.0
; Data created by EEMAGINE EEG Data Exporter

[Common Infos]
DataFile=PhotoDiode_2024-03-22_10-24-46.eeg
MarkerFile=PhotoDiode_2024-03-22_10-24-46.vmrk
DataFormat=BINARY
; Data orientation: MULTIPLEXED=ch1,pt1, ch2,pt1 ...
DataOrientation=MULTIPLEXED
NumberOfChannels=1
; Sampling interval in microseconds
SamplingInterval=2000


[Binary Infos]
BinaryFormat=IEEE_FLOAT_32

[Channel Infos]
; Each entry: Ch<Channel number>=<Name>,<Reference channel name>,
; <Resolution in microvolts>,<Future extensions..
; Fields are delimited by commas, some fields might be omitted (empty).
; Commas in channel names are coded as "\1".
Ch1=BIP3,,1
