BrainVision Data Exchange Header File Version 1.0
; Data created by EEMAGINE EEG Data Exporter

[Common Infos]
DataFile=VEP_2024-07-05_15-17-52.eeg
MarkerFile=VEP_2024-07-05_15-17-52.vmrk
DataFormat=BINARY
; Data orientation: MULTIPLEXED=ch1,pt1, ch2,pt1 ...
DataOrientation=MULTIPLEXED
NumberOfChannels=136
; Sampling interval in microseconds
SamplingInterval=1000


[Binary Infos]
BinaryFormat=IEEE_FLOAT_32

[Channel Infos]
; Each entry: Ch<Channel number>=<Name>,<Reference channel name>,
; <Resolution in microvolts>,<Future extensions..
; Fields are delimited by commas, some fields might be omitted (empty).
; Commas in channel names are coded as "\1".
Ch1=Z2,,1
Ch2=Z4,,1
Ch3=Z6,,1
Ch4=Z8,,1
Ch5=Z10,,1
Ch6=Z12,,1
Ch7=L1,,1
Ch8=L2,,1
Ch9=L3,,1
Ch10=L4,,1
Ch11=L5,,1
Ch12=L6,,1
Ch13=L7,,1
Ch14=L8,,1
Ch15=L9,,1
Ch16=L10,,1
Ch17=L11,,1
Ch18=L12,,1
Ch19=L13,,1
Ch20=L14,,1
Ch21=LL1,,1
Ch22=LL2,,1
Ch23=LL3,,1
Ch24=LL4,,1
Ch25=LL5,,1
Ch26=LL6,,1
Ch27=LL7,,1
Ch28=LL8,,1
Ch29=LL9,,1
Ch30=LL10,,1
Ch31=LL11,,1
Ch32=LL12,,1
Ch33=Z1,,1
Ch34=Z3,,1
Ch35=Z5,,1
Ch36=Z9,,1
Ch37=Z11,,1
Ch38=Z13,,1
Ch39=R1,,1
Ch40=R2,,1
Ch41=R3,,1
Ch42=R4,,1
Ch43=R5,,1
Ch44=R6,,1
Ch45=R7,,1
Ch46=R8,,1
Ch47=R9,,1
Ch48=R10,,1
Ch49=R11,,1
Ch50=R12,,1
Ch51=R13,,1
Ch52=R14,,1
Ch53=RR1,,1
Ch54=RR2,,1
Ch55=RR3,,1
Ch56=RR4,,1
Ch57=RR5,,1
Ch58=RR6,,1
Ch59=RR7,,1
Ch60=RR8,,1
Ch61=RR9,,1
Ch62=RR10,,1
Ch63=RR11,,1
Ch64=RR12,,1
Ch65=LL13,,1
Ch66=LL14,,1
Ch67=LA1,,1
Ch68=LA2,,1
Ch69=LA3,,1
Ch70=LA4,,1
Ch71=LA5,,1
Ch72=LB1,,1
Ch73=LB2,,1
Ch74=LB3,,1
Ch75=LB4,,1
Ch76=LB5,,1
Ch77=LB6,,1
Ch78=LC1,,1
Ch79=LC2,,1
Ch80=LC3,,1
Ch81=LC4,,1
Ch82=LC5,,1
Ch83=LC6,,1
Ch84=LC7,,1
Ch85=LD1,,1
Ch86=LD2,,1
Ch87=LD3,,1
Ch88=LD4,,1
Ch89=LD5,,1
Ch90=LD6,,1
Ch91=LD7,,1
Ch92=LE1,,1
Ch93=LE2,,1
Ch94=LE3,,1
Ch95=LE4,,1
Ch96=Lm,,1
Ch97=RR13,,1
Ch98=RR14,,1
Ch99=RA1,,1
Ch100=RA2,,1
Ch101=RA3,,1
Ch102=RA4,,1
Ch103=RA5,,1
Ch104=RB1,,1
Ch105=RB2,,1
Ch106=RB3,,1
Ch107=RB4,,1
Ch108=RB5,,1
Ch109=RB6,,1
Ch110=RC1,,1
Ch111=RC2,,1
Ch112=RC3,,1
Ch113=RC4,,1
Ch114=RC5,,1
Ch115=RC6,,1
Ch116=RC7,,1
Ch117=RD1,,1
Ch118=RD2,,1
Ch119=RD3,,1
Ch120=RD4,,1
Ch121=RD5,,1
Ch122=RD6,,1
Ch123=RD7,,1
Ch124=RE1,,1
Ch125=RE2,,1
Ch126=RE3,,1
Ch127=RE4,,1
Ch128=RM,,1
Ch129=EKG,,1
Ch130=EMG,,1
Ch131=TEMP1,,1
Ch132=RESP1,,1
Ch133=GSR1,,1
Ch134=ACC_X,,1
Ch135=ACC_Y,,1
Ch136=ACC_Z,,1
